GEM
  remote: https://rubygems.org/
  specs:
    chunky_png (1.3.4)
    imash (0.1.0)
      chunky_png (~> 1.3)
    puma (2.11.1)
      rack (>= 1.1, < 2.0)
    rack (1.6.0)
    rack-protection (1.5.3)
      rack
    rake (10.4.2)
    sinatra (1.4.6)
      rack (~> 1.4)
      rack-protection (~> 1.4)
      tilt (>= 1.3, < 3)
    tilt (2.0.1)

PLATFORMS
  ruby

DEPENDENCIES
  imash
  puma
  rack
  rake
  sinatra
